GEM
  remote: https://rubygems.org/
  specs:
    isbn (2.0.11)

PLATFORMS
  ruby

DEPENDENCIES
  isbn

BUNDLED WITH
   2.1.4
